GEM
  remote: http://rubygems.org/
  specs:
    i18n (0.5.0)
    mail (2.3.0)
      i18n (>= 0.4.0)
      mime-types (~> 1.16)
      treetop (~> 1.4.8)
    mime-types (1.16)
    net-ssh (2.3.0)
    polyglot (0.3.1)
    pony (1.2)
      mail (> 2.0)
    treetop (1.4.9)
      polyglot (>= 0.3.1)

PLATFORMS
  ruby

DEPENDENCIES
  net-ssh
  pony
