GEM
  remote: http://rubygems.org/
  specs:
    addressable (2.2.7)
    faraday (0.7.6)
      addressable (~> 2.2)
      multipart-post (~> 1.1)
      rack (~> 1.1)
    faraday_middleware (0.8.4)
      faraday (>= 0.7.4, < 0.9)
    hashie (1.2.0)
    multi_json (1.0.4)
    multipart-post (1.1.5)
    octokit (1.0.0)
      addressable (~> 2.2)
      faraday (~> 0.7)
      faraday_middleware (~> 0.8)
      hashie (~> 1.2)
      multi_json (~> 1.0)
    rack (1.4.1)

PLATFORMS
  ruby

DEPENDENCIES
  octokit
